GEM
  remote: https://rubygems.org/
  specs:
    byebug (11.1.3)
    dotenv (2.7.6)
    dry-cli (0.7.0)
    faraday (1.2.0)
      multipart-post (>= 1.2, < 3)
      ruby2_keywords
    minitest (5.14.4)
    multipart-post (2.1.1)
    psych (4.0.1)
    rack (2.2.3)
    rack-cors (1.1.1)
      rack (>= 2.0.0)
    ruby2_keywords (0.0.4)
    webrick (1.7.0)
    zeitwerk (2.4.2)

PLATFORMS
  ruby

DEPENDENCIES
  byebug
  dotenv
  dry-cli
  faraday
  minitest
  psych
  rack
  rack-cors
  webrick
  zeitwerk

RUBY VERSION
   ruby 3.0.1p64

BUNDLED WITH
   2.2.15
